GEM
  remote: https://rubygems.org/
  specs:
    concurrent-ruby (1.2.2)
    faraday (2.7.10)
      faraday-net_http (>= 2.0, < 3.1)
      ruby2_keywords (>= 0.0.4)
    faraday-net_http (3.0.2)
    google-protobuf (3.23.4-x86_64-linux)
    googleapis-common-protos-types (1.7.0)
      google-protobuf (~> 3.14)
    grpc (1.56.2-x86_64-linux)
      google-protobuf (~> 3.23)
      googleapis-common-protos-types (~> 1.0)
    mustermann (3.0.0)
      ruby2_keywords (~> 0.0.1)
    newrelic-infinite_tracing (9.3.1)
      grpc (~> 1.34)
      newrelic_rpm (= 9.3.1)
    newrelic_rpm (9.3.1)
    nio4r (2.5.9)
    pg (1.5.3)
    puma (6.3.0)
      nio4r (~> 2.0)
    rack (2.2.7)
    rack-protection (3.0.6)
      rack
    ruby2_keywords (0.0.5)
    sinatra (3.0.6)
      mustermann (~> 3.0)
      rack (~> 2.2, >= 2.2.4)
      rack-protection (= 3.0.6)
      tilt (~> 2.0)
    sucker_punch (2.1.2)
      concurrent-ruby (~> 1.0)
    tilt (2.2.0)
    zipkin-tracer (0.48.0)
      faraday (>= 0.13, < 3.0)
      rack (>= 1.0)
      sucker_punch (~> 2.0)

PLATFORMS
  x86_64-linux

DEPENDENCIES
  newrelic-infinite_tracing
  newrelic_rpm
  pg
  puma
  rack
  sinatra
  zipkin-tracer

BUNDLED WITH
   2.2.26
